GIT
  remote: git://github.com/outcomesinsights/conceptql.git
  revision: 9abf21e6d79aae9eb42f96ea8c00a3e63c77aa5d
  branch: develop
  specs:
    conceptql (0.2.0)
      csv2xlsx (~> 0)
      facets (~> 3.0)
      ruby-graphviz (~> 1.2)
      sequelizer (~> 0.0)
      thor (~> 0.19)

GEM
  remote: https://rubygems.org/
  specs:
    axlsx (2.0.1)
      htmlentities (~> 4.3.1)
      nokogiri (>= 1.4.1)
      rubyzip (~> 1.0.0)
    csv2xlsx (0.0.1)
      axlsx
    dotenv (0.11.1)
      dotenv-deployment (~> 0.0.2)
    dotenv-deployment (0.0.2)
    facets (3.0.0)
    hashie (3.4.3)
    htmlentities (4.3.4)
    mini_portile2 (2.0.0)
    nokogiri (1.6.7.2)
      mini_portile2 (~> 2.0.0.rc2)
    puma (2.16.0)
    rack (1.6.4)
    rack-protection (1.5.3)
      rack
    ruby-graphviz (1.2.2)
    rubyzip (1.0.0)
    sequel (4.31.0)
    sequelizer (0.0.6)
      dotenv (~> 0.11)
      hashie (~> 3.2)
      sequel (~> 4.12)
      thor (~> 0.19)
    sinatra (1.4.7)
      rack (~> 1.5)
      rack-protection (~> 1.4)
      tilt (>= 1.3, < 3)
    thor (0.19.1)
    tilt (2.0.2)

PLATFORMS
  ruby

DEPENDENCIES
  conceptql!
  puma
  sinatra

BUNDLED WITH
   1.11.2
